GEM
  remote: https://rubygems.org/
  specs:
    colorize (0.8.1)
    mustermann (1.0.0)
    rack (2.0.3)
    rack-protection (2.0.0)
      rack
    sinatra (2.0.0)
      mustermann (~> 1.0)
      rack (~> 2.0)
      rack-protection (= 2.0.0)
      tilt (~> 2.0)
    terminal-table (1.8.0)
      unicode-display_width (~> 1.1, >= 1.1.1)
    tilt (2.0.7)
    unicode-display_width (1.3.0)

PLATFORMS
  x64-mingw32

DEPENDENCIES
  colorize
  sinatra
  terminal-table

BUNDLED WITH
   1.15.1
